GEM
  remote: https://rubygems.org/
  specs:
    bcrypt (3.1.10)
    bson (1.9.2)
    bson_ext (1.9.2)
      bson (~> 1.9.2)
    celluloid (0.17.1.2)
      bundler
      celluloid-essentials
      celluloid-extras
      celluloid-fsm
      celluloid-pool
      celluloid-supervision
      dotenv
      nenv
      rspec-logsplit (>= 0.1.2)
      timers (>= 4.1.1)
    celluloid-essentials (0.20.2.1)
      bundler
      dotenv
      nenv
      rspec-logsplit (>= 0.1.2)
      timers (>= 4.1.1)
    celluloid-extras (0.20.1)
      bundler
      dotenv
      nenv
      rspec-logsplit (>= 0.1.2)
      timers (>= 4.1.1)
    celluloid-fsm (0.20.1)
      bundler
      dotenv
      nenv
      rspec-logsplit (>= 0.1.2)
      timers (>= 4.1.1)
    celluloid-pool (0.20.1)
      bundler
      dotenv
      nenv
      rspec-logsplit (>= 0.1.2)
      timers (>= 4.1.1)
    celluloid-supervision (0.20.1.1)
      bundler
      dotenv
      nenv
      rspec-logsplit (>= 0.1.2)
      timers (>= 4.1.1)
    coderay (1.1.0)
    concurrent-ruby (0.8.0)
      ref (~> 1.0, >= 1.0.5)
    concurrent-ruby-ext (0.8.0)
      concurrent-ruby (~> 0.8.0)
    configurations (2.0.0)
    csso-rails (0.3.4)
      execjs (>= 1)
    daemons (1.1.9)
    dotenv (2.0.2)
    eventmachine (1.0.3)
    execjs (2.6.0)
    faye-websocket (0.9.2)
      eventmachine (>= 0.12.0)
      websocket-driver (>= 0.5.1)
    ffi (1.9.10)
    hike (1.2.3)
    hitimes (1.2.2)
    json (1.8.3)
    listen (2.8.6)
      celluloid (>= 0.15.2)
      rb-fsevent (>= 0.9.3)
      rb-inotify (>= 0.9)
    method_source (0.8.2)
    mongo (1.9.2)
      bson (~> 1.9.2)
    multi_json (1.11.2)
    nenv (0.2.0)
    opal (0.7.2)
      hike (~> 1.2)
      sourcemap (~> 0.1.0)
      sprockets (>= 2.2.3, < 3.0.0)
      tilt (~> 1.4)
    pry (0.10.1)
      coderay (~> 1.1.0)
      method_source (~> 0.8.1)
      slop (~> 3.4)
    rack (1.5.2)
    rb-fsevent (0.9.5)
    rb-inotify (0.9.5)
      ffi (>= 0.5.0)
    rbnacl (3.2.0)
      ffi
    rbnacl-libsodium (1.0.3)
      rbnacl (~> 3.0, >= 3.0.1)
    ref (1.0.5)
    rspec-logsplit (0.1.3)
    sass (3.2.19)
    slop (3.6.0)
    sourcemap (0.1.1)
    sprockets (2.12.4)
      hike (~> 1.2)
      multi_json (~> 1.0)
      rack (~> 1.0)
      tilt (~> 1.1, != 1.3.0)
    sprockets-sass (1.0.3)
      sprockets (~> 2.0)
      tilt (~> 1.1)
    thin (1.6.3)
      daemons (~> 1.0, >= 1.0.9)
      eventmachine (~> 1.0)
      rack (~> 1.0)
    thor (0.19.1)
    tilt (1.4.1)
    timers (4.1.1)
      hitimes
    uglifier (2.7.1)
      execjs (>= 0.3.0)
      json (>= 1.8.0)
    volt (0.9.3)
      bcrypt (~> 3.1.9)
      bundler (>= 1.5)
      concurrent-ruby (= 0.8.0)
      configurations (~> 2.0.0.pre)
      faye-websocket (~> 0.9.2)
      listen (~> 2.8.0)
      opal (~> 0.7.2)
      pry (~> 0.10.1)
      rack (~> 1.5.0)
      sass (~> 3.2.5)
      sprockets-sass (~> 1.0.0)
      thor (~> 0.19.0)
    volt-mongo (0.1.0)
      mongo (~> 1.9.0)
    websocket-driver (0.6.2)
      websocket-extensions (>= 0.1.0)
    websocket-extensions (0.1.2)

PLATFORMS
  ruby

DEPENDENCIES
  bson_ext (~> 1.9.0)
  concurrent-ruby-ext (~> 0.8.0)
  csso-rails (~> 0.3.4)
  rbnacl
  rbnacl-libsodium
  thin (~> 1.6.0)
  uglifier (>= 2.4.0)
  volt (= 0.9.3)
  volt-mongo (= 0.1.0)

BUNDLED WITH
   1.10.6
